PATH
  remote: .
  specs:
    dottie (0.1.0)
      commander
      tty-logger

GEM
  remote: https://rubygems.org/
  specs:
    commander (4.5.2)
      highline (~> 2.0.0)
    diff-lcs (1.4.4)
    highline (2.0.3)
    pastel (0.8.0)
      tty-color (~> 0.5)
    rake (10.5.0)
    rspec (3.9.0)
      rspec-core (~> 3.9.0)
      rspec-expectations (~> 3.9.0)
      rspec-mocks (~> 3.9.0)
    rspec-core (3.9.2)
      rspec-support (~> 3.9.3)
    rspec-expectations (3.9.2)
      diff-lcs (>= 1.2.0, < 2.0)
      rspec-support (~> 3.9.0)
    rspec-mocks (3.9.1)
      diff-lcs (>= 1.2.0, < 2.0)
      rspec-support (~> 3.9.0)
    rspec-support (3.9.3)
    tty-color (0.6.0)
    tty-logger (0.6.0)
      pastel (~> 0.8)

PLATFORMS
  ruby

DEPENDENCIES
  bundler (~> 2.0)
  dottie!
  rake (~> 10.0)
  rspec (~> 3.0)

BUNDLED WITH
   2.0.1
